GEM
  remote: https://rubygems.org/
  specs:
    algorithms (0.6.1)
    coderay (1.1.1)
    method_source (0.8.2)
    pry (0.10.4)
      coderay (~> 1.1.0)
      method_source (~> 0.8.1)
      slop (~> 3.4)
    slop (3.6.0)
    tree (0.2.1)

PLATFORMS
  ruby

DEPENDENCIES
  algorithms
  pry
  tree

BUNDLED WITH
   1.13.6
